GEM
  remote: http://rubygems.org/
  specs:
    wikipedia-client (1.0.0)

PLATFORMS
  ruby

DEPENDENCIES
  wikipedia-client
