GEM
  remote: http://rubygems.org/
  specs:
    json (1.5.3)
    rack (1.3.3)
    wikipedia-client (1.0.0)

PLATFORMS
  ruby

DEPENDENCIES
  json
  rack (~> 1.3)
  wikipedia-client
